GEM
  remote: http://rubygems.org/
  specs:
    backports (3.6.4)
    capybara (2.4.4)
      mime-types (>= 1.16)
      nokogiri (>= 1.3.3)
      rack (>= 1.0.0)
      rack-test (>= 0.5.4)
      xpath (~> 2.0)
    cliver (0.3.2)
    codeclimate-test-reporter (0.4.7)
      simplecov (>= 0.7.1, < 1.0.0)
    coderay (1.1.0)
    daemons (1.2.2)
    diff-lcs (1.2.5)
    docile (1.1.5)
    elasticsearch (1.0.8)
      elasticsearch-api (= 1.0.7)
      elasticsearch-transport (= 1.0.7)
    elasticsearch-api (1.0.7)
      multi_json
    elasticsearch-transport (1.0.7)
      faraday
      multi_json
    eventmachine (1.0.7)
    faraday (0.9.1)
      multipart-post (>= 1.2, < 3)
    method_source (0.8.2)
    mime-types (2.4.3)
    mini_portile (0.6.2)
    multi_json (1.11.0)
    multipart-post (2.0.0)
    nokogiri (1.6.6.2)
      mini_portile (~> 0.6.0)
    poltergeist (1.6.0)
      capybara (~> 2.1)
      cliver (~> 0.3.1)
      multi_json (~> 1.0)
      websocket-driver (>= 0.2.0)
    pry (0.10.1)
      coderay (~> 1.1.0)
      method_source (~> 0.8.1)
      slop (~> 3.4)
    rack (1.6.0)
    rack-flash3 (1.0.5)
      rack
    rack-protection (1.5.3)
      rack
    rack-test (0.6.3)
      rack (>= 1.0)
    rake (10.4.2)
    rspec (3.2.0)
      rspec-core (~> 3.2.0)
      rspec-expectations (~> 3.2.0)
      rspec-mocks (~> 3.2.0)
    rspec-core (3.2.2)
      rspec-support (~> 3.2.0)
    rspec-expectations (3.2.0)
      diff-lcs (>= 1.2.0, < 2.0)
      rspec-support (~> 3.2.0)
    rspec-mocks (3.2.1)
      diff-lcs (>= 1.2.0, < 2.0)
      rspec-support (~> 3.2.0)
    rspec-support (3.2.2)
    shotgun (0.9.1)
      rack (>= 1.0)
    simplecov (0.9.2)
      docile (~> 1.1.0)
      multi_json (~> 1.0)
      simplecov-html (~> 0.9.0)
    simplecov-html (0.9.0)
    sinatra (1.4.6)
      rack (~> 1.4)
      rack-protection (~> 1.4)
      tilt (>= 1.3, < 3)
    sinatra-contrib (1.4.2)
      backports (>= 2.0)
      multi_json
      rack-protection
      rack-test
      sinatra (~> 1.4.0)
      tilt (~> 1.3)
    slop (3.6.0)
    thin (1.6.3)
      daemons (~> 1.0, >= 1.0.9)
      eventmachine (~> 1.0)
      rack (~> 1.0)
    tilt (1.4.1)
    websocket-driver (0.5.4)
      websocket-extensions (>= 0.1.0)
    websocket-extensions (0.1.2)
    xpath (2.0.0)
      nokogiri (~> 1.3)

PLATFORMS
  ruby

DEPENDENCIES
  capybara
  codeclimate-test-reporter
  elasticsearch
  poltergeist
  pry
  rack-flash3
  rake
  rspec
  shotgun
  sinatra
  sinatra-contrib
  thin
